GIT
  remote: https://github.com/flyerhzm/bullet.git
  revision: 2ada165a7262daa4ab4eeb2f0a11c84afe285e72
  specs:
    bullet (5.9.0)
      activesupport (>= 3.0.0)
      uniform_notifier (~> 1.11)

GIT
  remote: https://github.com/rails/rails.git
  revision: 16e235126ef0187a93b81ee959a8127097e2f394
  specs:
    actioncable (6.0.0.beta1)
      actionpack (= 6.0.0.beta1)
      nio4r (~> 2.0)
      websocket-driver (>= 0.6.1)
    actionmailbox (6.0.0.beta1)
      actionpack (= 6.0.0.beta1)
      activejob (= 6.0.0.beta1)
      activerecord (= 6.0.0.beta1)
      activestorage (= 6.0.0.beta1)
      activesupport (= 6.0.0.beta1)
      mail (>= 2.7.1)
    actionmailer (6.0.0.beta1)
      actionpack (= 6.0.0.beta1)
      actionview (= 6.0.0.beta1)
      activejob (= 6.0.0.beta1)
      mail (~> 2.5, >= 2.5.4)
      rails-dom-testing (~> 2.0)
    actionpack (6.0.0.beta1)
      actionview (= 6.0.0.beta1)
      activesupport (= 6.0.0.beta1)
      rack (~> 2.0)
      rack-test (>= 0.6.3)
      rails-dom-testing (~> 2.0)
      rails-html-sanitizer (~> 1.0, >= 1.0.2)
    actiontext (6.0.0.beta1)
      actionpack (= 6.0.0.beta1)
      activerecord (= 6.0.0.beta1)
      activestorage (= 6.0.0.beta1)
      activesupport (= 6.0.0.beta1)
      nokogiri (>= 1.8.5)
    actionview (6.0.0.beta1)
      activesupport (= 6.0.0.beta1)
      builder (~> 3.1)
      erubi (~> 1.4)
      rails-dom-testing (~> 2.0)
      rails-html-sanitizer (~> 1.0, >= 1.0.3)
    activejob (6.0.0.beta1)
      activesupport (= 6.0.0.beta1)
      globalid (>= 0.3.6)
    activemodel (6.0.0.beta1)
      activesupport (= 6.0.0.beta1)
    activerecord (6.0.0.beta1)
      activemodel (= 6.0.0.beta1)
      activesupport (= 6.0.0.beta1)
    activestorage (6.0.0.beta1)
      actionpack (= 6.0.0.beta1)
      activerecord (= 6.0.0.beta1)
      marcel (~> 0.3.1)
    activesupport (6.0.0.beta1)
      concurrent-ruby (~> 1.0, >= 1.0.2)
      i18n (>= 0.7, < 2)
      minitest (~> 5.1)
      tzinfo (~> 1.1)
      zeitwerk (~> 1.0)
    rails (6.0.0.beta1)
      actioncable (= 6.0.0.beta1)
      actionmailbox (= 6.0.0.beta1)
      actionmailer (= 6.0.0.beta1)
      actionpack (= 6.0.0.beta1)
      actiontext (= 6.0.0.beta1)
      actionview (= 6.0.0.beta1)
      activejob (= 6.0.0.beta1)
      activemodel (= 6.0.0.beta1)
      activerecord (= 6.0.0.beta1)
      activestorage (= 6.0.0.beta1)
      activesupport (= 6.0.0.beta1)
      bundler (>= 1.3.0)
      railties (= 6.0.0.beta1)
      sprockets-rails (>= 2.0.0)
    railties (6.0.0.beta1)
      actionpack (= 6.0.0.beta1)
      activesupport (= 6.0.0.beta1)
      method_source
      rake (>= 0.8.7)
      thor (>= 0.20.3, < 2.0)

GIT
  remote: https://github.com/rails/web-console.git
  revision: a3c5dc58d8f1ba319d6de4b6185052d2a9d656b0
  specs:
    web-console (3.7.0)
      actionview (>= 5.0)
      activemodel (>= 5.0)
      bindex (>= 0.4.0)
      railties (>= 5.0)

GIT
  remote: https://github.com/rails/webpacker.git
  revision: 9e671a3ebe368cfdc624309a9b4a55e998f87186
  specs:
    webpacker (4.0.0.rc.7)
      activesupport (>= 4.2)
      rack-proxy (>= 0.6.1)
      railties (>= 4.2)

GIT
  remote: https://github.com/rollbar/rollbar-gem.git
  revision: e3a35525d1b14fab587e317548ed4f5c1052240d
  specs:
    rollbar (2.18.2)
      multi_json

PATH
  remote: plugins/support
  specs:
    nokul-support (0.1.0)
      activesupport (~> 6.0.0.beta1)

PATH
  remote: plugins/tenant/common
  specs:
    nokul-tenant (0.1.0)
      nokul-support

PATH
  remote: plugins/tenant/omu
  specs:
    nokul-tenant-omu (0.1.0)
      nokul-tenant
      rails (~> 6.0.0.beta1)

GEM
  remote: https://rubygems.org/
  specs:
    addressable (2.6.0)
      public_suffix (>= 2.0.2, < 4.0)
    ancestry (3.0.5)
      activerecord (>= 3.2.0)
    archive-zip (0.11.0)
      io-like (~> 0.3.0)
    ast (2.4.0)
    aws-eventstream (1.0.1)
    aws-partitions (1.138.0)
    aws-sdk-core (3.46.1)
      aws-eventstream (~> 1.0)
      aws-partitions (~> 1.0)
      aws-sigv4 (~> 1.0)
      jmespath (~> 1.0)
    aws-sdk-kms (1.13.0)
      aws-sdk-core (~> 3, >= 3.39.0)
      aws-sigv4 (~> 1.0)
    aws-sdk-s3 (1.30.1)
      aws-sdk-core (~> 3, >= 3.39.0)
      aws-sdk-kms (~> 1)
      aws-sigv4 (~> 1.0)
    aws-sigv4 (1.0.3)
    bcrypt (3.1.12)
    better_html (1.0.12)
      actionview (>= 4.0)
      activesupport (>= 4.0)
      ast (~> 2.0)
      erubi (~> 1.4)
      html_tokenizer (~> 0.0.6)
      parser (>= 2.4)
      smart_properties
    bindex (0.5.0)
    bootsnap (1.4.0)
      msgpack (~> 1.0)
    brakeman (4.4.0)
    builder (3.2.3)
    bundler-audit (0.6.1)
      bundler (>= 1.2.0, < 3)
      thor (~> 0.18)
    byebug (10.0.2)
    capybara (3.13.2)
      addressable
      mini_mime (>= 0.1.3)
      nokogiri (~> 1.8)
      rack (>= 1.6.0)
      rack-test (>= 0.6.3)
      regexp_parser (~> 1.2)
      xpath (~> 3.2)
    chartkick (3.0.2)
    childprocess (0.9.0)
      ffi (~> 1.0, >= 1.0.11)
    chromedriver-helper (2.1.0)
      archive-zip (~> 0.10)
      nokogiri (~> 1.8)
    cocoon (1.2.12)
    codacy-coverage (2.1.0)
      simplecov
    coderay (1.1.2)
    coffee-rails (4.2.2)
      coffee-script (>= 2.2.0)
      railties (>= 4.0.0)
    coffee-script (2.4.1)
      coffee-script-source
      execjs
    coffee-script-source (1.12.2)
    concurrent-ruby (1.1.4)
    connection_pool (2.2.2)
    crack (0.4.3)
      safe_yaml (~> 1.0.0)
    crass (1.0.4)
    devise (4.6.1)
      bcrypt (~> 3.0)
      orm_adapter (~> 0.1)
      railties (>= 4.1.0, < 6.0)
      responders
      warden (~> 1.2.3)
    docile (1.3.1)
    dotenv (2.6.0)
    dotenv-rails (2.6.0)
      dotenv (= 2.6.0)
      railties (>= 3.2, < 6.0)
    email_address (0.1.11)
      netaddr (~> 2.0)
      simpleidn
    erb_lint (0.0.28)
      activesupport
      better_html (~> 1.0.7)
      html_tokenizer
      rainbow
      rubocop (~> 0.51)
      smart_properties
    erubi (1.8.0)
    execjs (2.7.0)
    ffi (1.9.25)
    fit-commit (3.8.0)
      swearjar (~> 1.0)
    font-awesome-rails (4.7.0.4)
      railties (>= 3.2, < 6.0)
    friendly_id (5.2.5)
      activerecord (>= 4.0.0)
    globalid (0.4.2)
      activesupport (>= 4.2.0)
    groupdate (4.1.1)
      activesupport (>= 4.2)
    hashdiff (0.3.8)
    html_tokenizer (0.0.7)
    i18n (1.5.3)
      concurrent-ruby (~> 1.0)
    image_processing (1.7.1)
      mini_magick (~> 4.0)
      ruby-vips (>= 2.0.13, < 3)
    io-like (0.3.0)
    jaro_winkler (1.5.2)
    jbuilder (2.8.0)
      activesupport (>= 4.2.0)
      multi_json (>= 1.2)
    jmespath (1.4.0)
    json (2.1.0)
    launchy (2.4.3)
      addressable (~> 2.3)
    letter_opener (1.7.0)
      launchy (~> 2.2)
    listen (3.1.5)
      rb-fsevent (~> 0.9, >= 0.9.4)
      rb-inotify (~> 0.9, >= 0.9.7)
      ruby_dep (~> 1.2)
    lol_dba (2.1.5)
      actionpack (>= 3.0)
      activerecord (>= 3.0)
      railties (>= 3.0)
    loofah (2.2.3)
      crass (~> 1.0.2)
      nokogiri (>= 1.5.9)
    mail (2.7.1)
      mini_mime (>= 0.1.1)
    marcel (0.3.3)
      mimemagic (~> 0.3.2)
    method_source (0.9.2)
    mimemagic (0.3.3)
    mini_magick (4.9.2)
    mini_mime (1.0.1)
    mini_portile2 (2.4.0)
    minitest (5.11.3)
    msgpack (1.2.6)
    multi_json (1.13.1)
    netaddr (2.0.3)
    nio4r (2.3.1)
    nokogiri (1.10.1)
      mini_portile2 (~> 2.4.0)
    orm_adapter (0.5.0)
    pagy (1.3.3)
    parallel (1.13.0)
    parser (2.6.0.0)
      ast (~> 2.4.0)
    pg (1.1.4)
    pg_search (2.1.4)
      activerecord (>= 4.2)
      activesupport (>= 4.2)
    pghero (2.2.0)
      activerecord
    powerpack (0.1.2)
    pry (0.12.2)
      coderay (~> 1.1.0)
      method_source (~> 0.9.0)
    pry-rails (0.3.9)
      pry (>= 0.10.4)
    public_suffix (3.0.3)
    puma (3.12.0)
    rack (2.0.6)
    rack-attack (5.4.2)
      rack (>= 1.0, < 3)
    rack-mini-profiler (1.0.2)
      rack (>= 1.2.0)
    rack-protection (2.0.5)
      rack
    rack-proxy (0.6.5)
      rack
    rack-test (1.1.0)
      rack (>= 1.0, < 3)
    rails-dom-testing (2.0.3)
      activesupport (>= 4.2.0)
      nokogiri (>= 1.6)
    rails-html-sanitizer (1.0.4)
      loofah (~> 2.2, >= 2.2.2)
    rainbow (3.0.0)
    rake (12.3.2)
    rb-fsevent (0.10.3)
    rb-inotify (0.10.0)
      ffi (~> 1.0)
    redis (4.1.0)
    regexp_parser (1.3.0)
    rein (4.0.0)
      activerecord (>= 4.0.0, < 6)
      activesupport (>= 4.0.0, < 6)
    responders (2.4.1)
      actionpack (>= 4.2.0, < 6.0)
      railties (>= 4.2.0, < 6.0)
    rubocop (0.64.0)
      jaro_winkler (~> 1.5.1)
      parallel (~> 1.10)
      parser (>= 2.5, != 2.5.1.1)
      powerpack (~> 0.1)
      rainbow (>= 2.2.2, < 4.0)
      ruby-progressbar (~> 1.7)
      unicode-display_width (~> 1.4.0)
    ruby-progressbar (1.10.0)
    ruby-vips (2.0.13)
      ffi (~> 1.9)
    ruby_dep (1.5.0)
    rubyzip (1.2.2)
    safe_yaml (1.0.4)
    sassc (2.0.0)
      ffi (~> 1.9.6)
      rake
    sassc-rails (2.1.0)
      railties (>= 4.0.0)
      sassc (>= 2.0)
      sprockets (> 3.0)
      sprockets-rails
      tilt
    selenium-webdriver (3.141.0)
      childprocess (~> 0.5)
      rubyzip (~> 1.2, >= 1.2.2)
    sidekiq (5.2.5)
      connection_pool (~> 2.2, >= 2.2.2)
      rack (>= 1.5.0)
      rack-protection (>= 1.5.0)
      redis (>= 3.3.5, < 5)
    simple_form (4.1.0)
      actionpack (>= 5.0)
      activemodel (>= 5.0)
    simplecov (0.16.1)
      docile (~> 1.1)
      json (>= 1.8, < 3)
      simplecov-html (~> 0.10.0)
    simplecov-html (0.10.2)
    simpleidn (0.1.1)
      unf (~> 0.1.4)
    smart_properties (1.13.1)
    spring (2.0.2)
      activesupport (>= 4.2)
    spring-watcher-listen (2.0.1)
      listen (>= 2.7, < 4.0)
      spring (>= 1.2, < 3.0)
    sprockets (3.7.2)
      concurrent-ruby (~> 1.0)
      rack (> 1, < 3)
    sprockets-rails (3.2.1)
      actionpack (>= 4.0)
      activesupport (>= 4.0)
      sprockets (>= 3.0.0)
    swearjar (1.3.0)
    telephone_number (1.3.4)
    thor (0.20.3)
    thread_safe (0.3.6)
    tilt (2.0.9)
    tzinfo (1.2.5)
      thread_safe (~> 0.1)
    uglifier (4.1.20)
      execjs (>= 0.3.0, < 3)
    unf (0.1.4)
      unf_ext
    unf_ext (0.0.7.5)
    unicode-display_width (1.4.1)
    uniform_notifier (1.12.1)
    warden (1.2.8)
      rack (>= 2.0.6)
    webmock (3.5.1)
      addressable (>= 2.3.6)
      crack (>= 0.3.2)
      hashdiff
    websocket-driver (0.7.0)
      websocket-extensions (>= 0.1.0)
    websocket-extensions (0.1.3)
    wicked_pdf (1.1.0)
    xpath (3.2.0)
      nokogiri (~> 1.8)
    zeitwerk (1.1.0)

PLATFORMS
  ruby

DEPENDENCIES
  ancestry
  aws-sdk-s3
  bcrypt (~> 3.1.7)
  bootsnap (>= 1.4.0)
  brakeman
  bullet!
  bundler-audit
  byebug
  capybara (>= 2.15)
  chartkick
  chromedriver-helper
  cocoon
  codacy-coverage
  coffee-rails (~> 4.2)
  devise
  dotenv-rails
  email_address
  erb_lint
  fit-commit
  font-awesome-rails
  friendly_id (~> 5.2.0)
  groupdate
  image_processing (~> 1.2)
  jbuilder (~> 2.5)
  letter_opener
  listen (>= 3.0.5, < 3.2)
  lol_dba
  nokul-support!
  nokul-tenant!
  nokul-tenant-omu!
  pagy
  pg
  pg_search
  pghero
  pry-rails
  puma (~> 3.11)
  rack-attack
  rack-mini-profiler
  rails!
  redis (~> 4.0)
  rein
  rollbar!
  rubocop
  ruby-progressbar
  sassc-rails
  selenium-webdriver
  sidekiq
  simple_form
  simplecov
  spring
  spring-watcher-listen (~> 2.0.0)
  telephone_number
  uglifier (>= 1.3.0)
  web-console!
  webmock
  webpacker!
  wicked_pdf

RUBY VERSION
   ruby 2.6.1p33

BUNDLED WITH
   2.0.1
